PATH
  remote: .
  specs:
    cloudformation-tool (1.1.1)
      autoloaded (~> 2)
      aws-sdk-autoscaling (>= 1)
      aws-sdk-cloudformation (>= 1)
      aws-sdk-ec2 (>= 1)
      aws-sdk-s3 (>= 1)
      clamp (~> 1)
      rake (~> 12)
      rubyzip

GEM
  remote: https://rubygems.org/
  specs:
    autoloaded (2.2.1)
    aws-eventstream (1.0.1)
    aws-partitions (1.114.0)
    aws-sdk-autoscaling (1.12.0)
      aws-sdk-core (~> 3, >= 3.26.0)
      aws-sigv4 (~> 1.0)
    aws-sdk-cloudformation (1.11.0)
      aws-sdk-core (~> 3, >= 3.26.0)
      aws-sigv4 (~> 1.0)
    aws-sdk-core (3.38.0)
      aws-eventstream (~> 1.0)
      aws-partitions (~> 1.0)
      aws-sigv4 (~> 1.0)
      jmespath (~> 1.0)
    aws-sdk-ec2 (1.57.0)
      aws-sdk-core (~> 3, >= 3.26.0)
      aws-sigv4 (~> 1.0)
    aws-sdk-kms (1.11.0)
      aws-sdk-core (~> 3, >= 3.26.0)
      aws-sigv4 (~> 1.0)
    aws-sdk-s3 (1.24.0)
      aws-sdk-core (~> 3, >= 3.26.0)
      aws-sdk-kms (~> 1)
      aws-sigv4 (~> 1.0)
    aws-sigv4 (1.0.3)
    clamp (1.3.0)
    jmespath (1.4.0)
    rake (12.3.1)
    rubyzip (1.2.2)

PLATFORMS
  ruby

DEPENDENCIES
  cloudformation-tool!

BUNDLED WITH
   1.16.1
