PATH
  remote: .
  specs:
    cloudformation-tool (0.8.6)
      autoloaded (~> 2)
      aws-sdk-autoscaling (>= 1)
      aws-sdk-cloudformation (>= 1)
      aws-sdk-ec2 (>= 1)
      aws-sdk-s3 (>= 1)
      clamp (~> 1)
      zip (~> 2)

GEM
  remote: https://rubygems.org/
  specs:
    autoloaded (2.2.1)
    aws-partitions (1.27.0)
    aws-sdk-autoscaling (1.3.0)
      aws-sdk-core (~> 3)
      aws-sigv4 (~> 1.0)
    aws-sdk-cloudformation (1.2.0)
      aws-sdk-core (~> 3)
      aws-sigv4 (~> 1.0)
    aws-sdk-core (3.6.0)
      aws-partitions (~> 1.0)
      aws-sigv4 (~> 1.0)
      jmespath (~> 1.0)
    aws-sdk-ec2 (1.14.0)
      aws-sdk-core (~> 3)
      aws-sigv4 (~> 1.0)
    aws-sdk-kms (1.2.0)
      aws-sdk-core (~> 3)
      aws-sigv4 (~> 1.0)
    aws-sdk-s3 (1.5.0)
      aws-sdk-core (~> 3)
      aws-sdk-kms (~> 1)
      aws-sigv4 (~> 1.0)
    aws-sigv4 (1.0.2)
    clamp (1.1.2)
    jmespath (1.3.1)
    zip (2.0.2)

PLATFORMS
  ruby

DEPENDENCIES
  cloudformation-tool!

BUNDLED WITH
   1.15.1
