PATH
  remote: .
  specs:
    cloudformation-tool (1.3.3)
      autoloaded (~> 2)
      aws-sdk-autoscaling (>= 1)
      aws-sdk-cloudformation (>= 1)
      aws-sdk-cloudfront (>= 1)
      aws-sdk-ec2 (>= 1)
      aws-sdk-s3 (>= 1)
      clamp (~> 1)
      rake (>= 12.3.3)
      rubyzip

GEM
  remote: https://rubygems.org/
  specs:
    autoloaded (2.3.0)
    aws-eventstream (1.1.0)
    aws-partitions (1.338.0)
    aws-sdk-autoscaling (1.43.0)
      aws-sdk-core (~> 3, >= 3.99.0)
      aws-sigv4 (~> 1.1)
    aws-sdk-cloudformation (1.41.0)
      aws-sdk-core (~> 3, >= 3.99.0)
      aws-sigv4 (~> 1.1)
    aws-sdk-cloudfront (1.33.0)
      aws-sdk-core (~> 3, >= 3.99.0)
      aws-sigv4 (~> 1.1)
    aws-sdk-core (3.103.0)
      aws-eventstream (~> 1, >= 1.0.2)
      aws-partitions (~> 1, >= 1.239.0)
      aws-sigv4 (~> 1.1)
      jmespath (~> 1.0)
    aws-sdk-ec2 (1.174.0)
      aws-sdk-core (~> 3, >= 3.99.0)
      aws-sigv4 (~> 1.1)
    aws-sdk-kms (1.36.0)
      aws-sdk-core (~> 3, >= 3.99.0)
      aws-sigv4 (~> 1.1)
    aws-sdk-s3 (1.73.0)
      aws-sdk-core (~> 3, >= 3.102.1)
      aws-sdk-kms (~> 1)
      aws-sigv4 (~> 1.1)
    aws-sigv4 (1.2.1)
      aws-eventstream (~> 1, >= 1.0.2)
    clamp (1.3.1)
    jmespath (1.4.0)
    rake (13.0.1)
    rubyzip (2.3.0)

PLATFORMS
  ruby

DEPENDENCIES
  cloudformation-tool!

BUNDLED WITH
   2.1.4
