PATH
  remote: .
  specs:
    cloudformation-tool (0.1.0)
      autoloaded (~> 2)
      aws-sdk (~> 2)
      clamp (~> 1)

GEM
  remote: https://rubygems.org/
  specs:
    autoloaded (2.1.1)
    aws-sdk (2.6.42)
      aws-sdk-resources (= 2.6.42)
    aws-sdk-core (2.6.42)
      aws-sigv4 (~> 1.0)
      jmespath (~> 1.0)
    aws-sdk-resources (2.6.42)
      aws-sdk-core (= 2.6.42)
    aws-sigv4 (1.0.0)
    clamp (1.1.1)
    jmespath (1.3.1)

PLATFORMS
  ruby

DEPENDENCIES
  cloudformation-tool!

BUNDLED WITH
   1.11.2
