PATH
  remote: .
  specs:
    cloudformation-tool (1.0.2)
      autoloaded (~> 2)
      aws-sdk-autoscaling (>= 1)
      aws-sdk-cloudformation (>= 1)
      aws-sdk-ec2 (>= 1)
      aws-sdk-s3 (>= 1)
      clamp (~> 1)
      rake (~> 12)
      rubyzip

GEM
  remote: https://rubygems.org/
  specs:
    autoloaded (2.2.1)
    aws-partitions (1.85.0)
    aws-sdk-autoscaling (1.5.0)
      aws-sdk-core (~> 3)
      aws-sigv4 (~> 1.0)
    aws-sdk-cloudformation (1.4.0)
      aws-sdk-core (~> 3)
      aws-sigv4 (~> 1.0)
    aws-sdk-core (3.20.2)
      aws-partitions (~> 1.0)
      aws-sigv4 (~> 1.0)
      jmespath (~> 1.0)
    aws-sdk-ec2 (1.33.0)
      aws-sdk-core (~> 3)
      aws-sigv4 (~> 1.0)
    aws-sdk-kms (1.5.0)
      aws-sdk-core (~> 3)
      aws-sigv4 (~> 1.0)
    aws-sdk-s3 (1.10.0)
      aws-sdk-core (~> 3)
      aws-sdk-kms (~> 1)
      aws-sigv4 (~> 1.0)
    aws-sigv4 (1.0.2)
    clamp (1.2.1)
    jmespath (1.4.0)
    rake (12.3.1)
    rubyzip (1.2.1)

PLATFORMS
  ruby

DEPENDENCIES
  cloudformation-tool!

BUNDLED WITH
   1.16.1
