PATH
  remote: .
  specs:
    cloudformation-tool (0.5.5)
      autoloaded (~> 2)
      aws-sdk (~> 2)
      clamp (~> 1)

GEM
  remote: https://rubygems.org/
  specs:
    autoloaded (2.2.0)
    aws-sdk (2.9.29)
      aws-sdk-resources (= 2.9.29)
    aws-sdk-core (2.9.29)
      aws-sigv4 (~> 1.0)
      jmespath (~> 1.0)
    aws-sdk-resources (2.9.29)
      aws-sdk-core (= 2.9.29)
    aws-sigv4 (1.0.0)
    clamp (1.1.2)
    jmespath (1.3.1)

PLATFORMS
  ruby

DEPENDENCIES
  cloudformation-tool!

BUNDLED WITH
   1.13.6
